PATH
  remote: .
  specs:
    daslabs (0.9.0)
      nokogiri (>= 1.5.0)

GEM
  remote: https://rubygems.org/
  specs:
    mini_portile2 (2.5.3)
    nokogiri (1.11.7)
      mini_portile2 (~> 2.5.0)
      racc (~> 1.4)
    racc (1.5.2)
    rake (10.5.0)

PLATFORMS
  ruby

DEPENDENCIES
  bundler (~> 1.16)
  daslabs!
  rake (~> 10.0)

BUNDLED WITH
   1.16.1
