GEM
  remote: https://rubygems.org/
  specs:
    cli-console (0.1.4)
    daslabs (0.18.0)
      nokogiri (>= 1.5.0)
    highline (1.7.10)
    mini_portile2 (2.6.1)
    nokogiri (1.12.5)
      mini_portile2 (~> 2.6.1)
      racc (~> 1.4)
    racc (1.5.2)

PLATFORMS
  ruby

DEPENDENCIES
  cli-console (~> 0.1.4)
  daslabs (~> 0.18.0)
  highline (~> 1.7, >= 1.7.8)

BUNDLED WITH
   2.1.4
